GEM
  remote: https://rubygems.org/
  specs:
    backports (3.6.8)
    cgi (0.3.6)
    date (3.3.3)
    delegate (0.3.0)
    did_you_mean (1.6.3)
    digest (3.1.1)
    erb (4.0.2)
      cgi (>= 0.3.3)
    error_highlight (0.5.1)
    erubis (2.7.0)
    fileutils (1.7.1)
    forwardable (1.3.3)
    io-console (0.6.0)
    ipaddr (1.2.5)
    multi_json (1.12.1)
    net-http (0.3.2)
      uri
    net-protocol (0.2.1)
      timeout
    nio4r (2.5.9)
    open-uri (0.3.0)
      stringio
      time
      uri
    openssl (3.1.0)
    pathname (0.2.1)
    pg (1.5.3)
    puma (6.2.2)
      nio4r (~> 2.0)
    rack (1.6.4)
    rack-protection (1.5.3)
      rack
    rack-test (0.6.3)
      rack (>= 1.0)
    readline (0.0.3)
      reline
    reline (0.3.3)
      io-console (~> 0.5)
    resolv (0.2.2)
    securerandom (0.2.2)
    set (1.0.3)
    sinatra (1.4.7)
      rack (~> 1.5)
      rack-protection (~> 1.4)
      tilt (>= 1.3, < 3)
    sinatra-contrib (1.4.7)
      backports (>= 2.0)
      multi_json
      rack-protection
      rack-test
      sinatra (~> 1.4.0)
      tilt (>= 1.3, < 3)
    stringio (3.0.6)
    syntax_suggest (1.1.0)
    tempfile (0.1.3)
    tilt (2.0.5)
    time (0.2.2)
      date
    timeout (0.3.2)
    tmpdir (0.1.3)
      fileutils
    tsort (0.1.1)
    uri (0.12.1)

PLATFORMS
  x86_64-darwin-22

DEPENDENCIES
  cgi
  date
  delegate
  did_you_mean
  digest
  erb
  error_highlight
  erubis
  fileutils
  forwardable
  io-console
  ipaddr
  net-http
  net-protocol
  open-uri
  openssl
  pathname
  pg
  puma
  readline
  reline
  resolv
  securerandom
  set
  sinatra
  sinatra-contrib
  stringio
  syntax_suggest
  tempfile
  time
  timeout
  tmpdir
  tsort
  uri

RUBY VERSION
   ruby 3.1.2p20

BUNDLED WITH
   2.4.13
